GEM
  remote: https://rubygems.org/
  specs:
    byebug (11.1.3)
    childprocess (4.0.0)
    cinch (2.3.4)
    concurrent-ruby (1.1.8)
    curses (1.4.0)
    drawille (0.3.3)
      curses
    faker (2.17.0)
      i18n (>= 1.6, < 2)
    i18n (1.8.10)
      concurrent-ruby (~> 1.0)
    mini_magick (4.11.0)
    mini_portile2 (2.8.0)
    minitest (5.14.4)
    minitest-utils (0.4.6)
      minitest
    nokogiri (1.13.4)
      mini_portile2 (~> 2.8.0)
      racc (~> 1.4)
    open_uri_redirections (0.2.1)
    racc (1.6.0)
    rake (13.0.3)
    safe_ruby (1.0.4)
      childprocess (>= 0.3.9)
    sequel (5.43.0)
    sqlite3 (1.4.2)
    zalgo (0.0.4)

PLATFORMS
  ruby

DEPENDENCIES
  byebug
  cinch
  drawille
  faker
  mini_magick
  minitest
  minitest-utils
  nokogiri
  open_uri_redirections
  rake
  safe_ruby
  sequel
  sqlite3
  zalgo

BUNDLED WITH
   2.2.16
